GEM
  remote: https://rubygems.org/
  specs:
    addressable (2.3.6)
    ast (2.4.1)
    codeclimate-test-reporter (0.3.0)
      simplecov (>= 0.7.1, < 1.0.0)
    crack (0.4.2)
      safe_yaml (~> 1.0.0)
    debugger-ruby_core_source (1.3.5)
    diff-lcs (1.2.5)
    docile (1.1.3)
    multi_json (1.10.1)
    parser (2.7.1.4)
      ast (~> 2.4.1)
    powerpack (0.1.2)
    rainbow (2.2.2)
      rake
    rake (10.3.2)
    redcarpet (3.1.2)
    rspec (3.0.0)
      rspec-core (~> 3.0.0)
      rspec-expectations (~> 3.0.0)
      rspec-mocks (~> 3.0.0)
    rspec-core (3.0.0)
      rspec-support (~> 3.0.0)
    rspec-expectations (3.0.0)
      diff-lcs (>= 1.2.0, < 2.0)
      rspec-support (~> 3.0.0)
    rspec-mocks (3.0.0)
      rspec-support (~> 3.0.0)
    rspec-support (3.0.0)
    rubocop (0.48.1)
      parser (>= 2.3.3.1, < 3.0)
      powerpack (~> 0.1)
      rainbow (>= 1.99.1, < 3.0)
      ruby-progressbar (~> 1.7)
      unicode-display_width (~> 1.0, >= 1.0.1)
    ruby-debug-base19x (0.11.30.pre15)
      debugger-ruby_core_source (> 0)
      rake (>= 0.8.1)
    ruby-debug-ide (0.4.22)
      rake (>= 0.8.1)
    ruby-progressbar (1.10.1)
    rubyzip (1.1.4)
    safe_yaml (1.0.3)
    simplecov (0.8.2)
      docile (~> 1.1.0)
      multi_json
      simplecov-html (~> 0.8.0)
    simplecov-html (0.8.0)
    tee (1.0.0)
    unicode-display_width (1.7.0)
    webmock (1.18.0)
      addressable (>= 2.3.6)
      crack (>= 0.3.2)
    yard (0.8.7.4)

PLATFORMS
  ruby

DEPENDENCIES
  codeclimate-test-reporter
  rake
  redcarpet
  rspec
  rubocop
  ruby-debug-base19x (>= 0.11.30.pre)
  ruby-debug-ide
  rubyzip
  simplecov
  tee
  webmock
  yard
